PATH
  remote: .
  specs:
    haku (1.5.0)
      activesupport (>= 6.1, < 8.0)

GEM
  remote: https://rubygems.org/
  specs:
    activejob (7.0.4.2)
      activesupport (= 7.0.4.2)
      globalid (>= 0.3.6)
    activesupport (7.0.4.2)
      concurrent-ruby (~> 1.0, >= 1.0.2)
      i18n (>= 1.6, < 2)
      minitest (>= 5.1)
      tzinfo (~> 2.0)
    ast (2.4.2)
    coderay (1.1.3)
    concurrent-ruby (1.2.0)
    globalid (1.0.1)
      activesupport (>= 5.0)
    i18n (1.12.0)
      concurrent-ruby (~> 1.0)
    json (2.6.3)
    method_source (1.0.0)
    minitest (5.17.0)
    parallel (1.22.1)
    parser (3.2.1.0)
      ast (~> 2.4.1)
    pry (0.14.2)
      coderay (~> 1.1)
      method_source (~> 1.0)
    rainbow (3.1.1)
    rake (13.0.6)
    regexp_parser (2.7.0)
    rexml (3.2.5)
    rubocop (1.47.0)
      json (~> 2.3)
      parallel (~> 1.10)
      parser (>= 3.2.0.0)
      rainbow (>= 2.2.2, < 4.0)
      regexp_parser (>= 1.8, < 3.0)
      rexml (>= 3.2.5, < 4.0)
      rubocop-ast (>= 1.26.0, < 2.0)
      ruby-progressbar (~> 1.7)
      unicode-display_width (>= 2.4.0, < 3.0)
    rubocop-ast (1.27.0)
      parser (>= 3.2.1.0)
    rubocop-minitest (0.28.0)
      rubocop (>= 1.39, < 2.0)
    rubocop-rake (0.6.0)
      rubocop (~> 1.0)
    ruby-progressbar (1.12.0)
    tzinfo (2.0.5)
      concurrent-ruby (~> 1.0)
    unicode-display_width (2.4.2)

PLATFORMS
  arm64-darwin-21
  x86_64-linux

DEPENDENCIES
  activejob (>= 6.1, < 8.0)
  haku!
  minitest (~> 5.0)
  pry (~> 0.14)
  rake (~> 13.0)
  rubocop (~> 1.47)
  rubocop-minitest (~> 0.28)
  rubocop-rake (~> 0.6)

BUNDLED WITH
   2.3.7
